GEM
  remote: https://rubygems.org/
  specs:
    phantomjs (2.1.1.0)
    rmagick (2.16.0)
    screencap (0.1.4)
      phantomjs

PLATFORMS
  ruby

DEPENDENCIES
  rmagick
  screencap

BUNDLED WITH
   1.16.6
